PATH
  remote: .
  specs:
    ruby-imagespec (0.2.0)

GEM
  remote: http://rubygems.org/
  specs:
    rake (0.9.2)

PLATFORMS
  ruby

DEPENDENCIES
  rake
  ruby-imagespec!
